GEM
  remote: http://rubygems.org/
  specs:
    ZenTest (4.6.2)
    activemodel (3.1.3)
      activesupport (= 3.1.3)
      builder (~> 3.0.0)
      i18n (~> 0.6)
    activerecord (3.1.3)
      activemodel (= 3.1.3)
      activesupport (= 3.1.3)
      arel (~> 2.2.1)
      tzinfo (~> 0.3.29)
    activesupport (3.1.3)
      multi_json (~> 1.0)
    arel (2.2.1)
    autotest-growl (0.2.16)
    builder (3.0.0)
    i18n (0.6.0)
    metaclass (0.0.1)
    minitest (2.11.3)
    mocha (0.12.5)
      metaclass (~> 0.0.1)
    multi_json (1.0.4)
    rake (0.9.2.2)
    sqlite3 (1.3.5)
    sqlite3-ruby (1.3.3)
      sqlite3 (>= 1.3.3)
    tzinfo (0.3.32)

PLATFORMS
  ruby

DEPENDENCIES
  ZenTest
  activerecord (~> 3.1)
  activesupport (~> 3.1)
  autotest-growl
  minitest
  mocha
  rake
  sqlite3-ruby
